GEM
  remote: https://rubygems.org/
  specs:
    backports (3.3.0)
    dotenv (0.7.0)
    dotenv-rails (0.7.0)
      dotenv (= 0.7.0)
    eventmachine (1.0.3)
    multi_json (1.7.2)
    rack (1.5.2)
    rack-protection (1.5.0)
      rack
    rack-test (0.6.2)
      rack (>= 1.0)
    sinatra (1.4.2)
      rack (~> 1.5, >= 1.5.2)
      rack-protection (~> 1.4)
      tilt (~> 1.3, >= 1.3.4)
    sinatra-contrib (1.4.0)
      backports (>= 2.0)
      eventmachine
      rack-protection
      rack-test
      sinatra (~> 1.4.2)
      tilt (~> 1.3)
    tilt (1.3.7)
    twitter_search_photos (0.0.1)

PLATFORMS
  ruby

DEPENDENCIES
  dotenv-rails
  multi_json
  sinatra
  sinatra-contrib
  twitter_search_photos
