GEM
  remote: https://rubygems.org/
  specs:
    backports (3.3.0)
    bson (1.8.5)
    bson_ext (1.8.5)
      bson (~> 1.8.5)
    clockwork (0.5.0)
      tzinfo (~> 0.3.35)
    dotenv (0.7.0)
    dotenv-rails (0.7.0)
      dotenv (= 0.7.0)
    eventmachine (1.0.3)
    faraday (0.8.7)
      multipart-post (~> 1.1)
    faraday_middleware (0.9.0)
      faraday (>= 0.7.4, < 0.9)
    hashie (2.0.3)
    instagram (0.10.0)
      faraday (>= 0.7, < 0.9)
      faraday_middleware (~> 0.8)
      hashie (>= 0.4.0)
      multi_json (~> 1.0, >= 1.0.3)
    kgio (2.8.0)
    mongo (1.8.5)
      bson (~> 1.8.5)
    multi_json (1.7.2)
    multipart-post (1.2.0)
    newrelic_rpm (3.5.7.59)
    rack (1.5.2)
    rack-protection (1.5.0)
      rack
    rack-test (0.6.2)
      rack (>= 1.0)
    raindrops (0.10.0)
    simple_oauth (0.2.0)
    sinatra (1.4.2)
      rack (~> 1.5, >= 1.5.2)
      rack-protection (~> 1.4)
      tilt (~> 1.3, >= 1.3.4)
    sinatra-contrib (1.4.0)
      backports (>= 2.0)
      eventmachine
      rack-protection
      rack-test
      sinatra (~> 1.4.2)
      tilt (~> 1.3)
    tilt (1.3.7)
    twitter (4.6.2)
      faraday (~> 0.8, < 0.10)
      multi_json (~> 1.0)
      simple_oauth (~> 0.2)
    twitter_search_photos (0.0.5)
      twitter (~> 4.6)
    tzinfo (0.3.37)
    unicorn (4.6.2)
      kgio (~> 2.6)
      rack
      raindrops (~> 0.7)

PLATFORMS
  ruby

DEPENDENCIES
  bson_ext
  clockwork
  dotenv-rails
  instagram
  mongo
  multi_json
  newrelic_rpm
  sinatra
  sinatra-contrib
  twitter_search_photos
  unicorn
